GIT
  remote: git://github.com/codebrew/backbone-rails.git
  revision: 995af310d45ade882c284a7aaf299e577dae2cbb
  specs:
    rails-backbone (1.1.0)
      coffee-script
      ejs
      jquery-rails
      railties

GIT
  remote: git://github.com/lemurheavy/coveralls-ruby.git
  revision: 6678dbae8b8f846491b9a2b13c6be3f6a67b84d7
  specs:
    coveralls (0.7.0)
      multi_json (~> 1.3)
      rest-client
      simplecov (>= 0.7)
      term-ansicolor
      thor

GEM
  remote: https://rubygems.org/
  specs:
    actionmailer (4.0.3)
      actionpack (= 4.0.3)
      mail (~> 2.5.4)
    actionpack (4.0.3)
      activesupport (= 4.0.3)
      builder (~> 3.1.0)
      erubis (~> 2.7.0)
      rack (~> 1.5.2)
      rack-test (~> 0.6.2)
    actionpack-action_caching (1.1.1)
      actionpack (>= 4.0.0, < 5.0)
    actionpack-page_caching (1.0.2)
      actionpack (>= 4.0.0, < 5)
    activemodel (4.0.3)
      activesupport (= 4.0.3)
      builder (~> 3.1.0)
    activerecord (4.0.3)
      activemodel (= 4.0.3)
      activerecord-deprecated_finders (~> 1.0.2)
      activesupport (= 4.0.3)
      arel (~> 4.0.0)
    activerecord-deprecated_finders (1.0.3)
    activesupport (4.0.3)
      i18n (~> 0.6, >= 0.6.4)
      minitest (~> 4.2)
      multi_json (~> 1.3)
      thread_safe (~> 0.1)
      tzinfo (~> 0.3.37)
    arel (4.0.2)
    atomic (1.1.14)
    bcrypt-ruby (3.1.2)
    bluecloth (2.2.0)
    bootstrap-sass (3.1.1.0)
      sass (~> 3.2)
    builder (3.1.4)
    capistrano (3.1.0)
      i18n
      rake (>= 10.0.0)
      sshkit (~> 1.3)
    capistrano-bundler (1.1.2)
      capistrano (~> 3.0)
      sshkit (~> 1.2)
    capistrano-rails (1.1.1)
      capistrano (~> 3.1)
      capistrano-bundler (~> 1.1)
    capistrano-rvm (0.1.1)
      capistrano (~> 3.0)
      sshkit (~> 1.2)
    capybara (2.2.1)
      mime-types (>= 1.16)
      nokogiri (>= 1.3.3)
      rack (>= 1.0.0)
      rack-test (>= 0.5.4)
      xpath (~> 2.0)
    celluloid (0.15.2)
      timers (~> 1.1.0)
    celluloid-io (0.15.0)
      celluloid (>= 0.15.0)
      nio4r (>= 0.5.0)
    climate_control (0.0.3)
      activesupport (>= 3.0)
    cocaine (0.5.3)
      climate_control (>= 0.0.3, < 1.0)
    coderay (1.1.0)
    coffee-rails (4.0.1)
      coffee-script (>= 2.2.0)
      railties (>= 4.0.0, < 5.0)
    coffee-rails-source-maps (1.4.0)
      coffee-script-source (>= 1.6.1)
    coffee-script (2.2.0)
      coffee-script-source
      execjs
    coffee-script-source (1.7.0)
    cucumber (1.3.10)
      builder (>= 2.1.2)
      diff-lcs (>= 1.1.3)
      gherkin (~> 2.12)
      multi_json (>= 1.7.5, < 2.0)
      multi_test (>= 0.0.2)
    cucumber-rails (1.4.0)
      capybara (>= 1.1.2)
      cucumber (>= 1.2.0)
      nokogiri (>= 1.5.0)
      rails (>= 3.0.0)
    database_cleaner (1.2.0)
    devise (3.2.2)
      bcrypt-ruby (~> 3.0)
      orm_adapter (~> 0.1)
      railties (>= 3.2.6, < 5)
      thread_safe (~> 0.1)
      warden (~> 1.2.3)
    diff-lcs (1.2.5)
    docile (1.1.3)
    ejs (1.1.1)
    erubis (2.7.0)
    execjs (2.0.2)
    factory_girl (4.4.0)
      activesupport (>= 3.0.0)
    factory_girl_rails (4.4.0)
      factory_girl (~> 4.4.0)
      railties (>= 3.0.0)
    ffi (1.9.3)
    font-awesome-sass (4.0.2)
      sass-rails (>= 3.1.1)
    formatador (0.2.4)
    gherkin (2.12.2)
      multi_json (~> 1.3)
    guard (2.4.0)
      formatador (>= 0.2.4)
      listen (~> 2.1)
      lumberjack (~> 1.0)
      pry (>= 0.9.12)
      thor (>= 0.18.1)
    guard-rspec (4.2.6)
      guard (~> 2.1)
      rspec (>= 2.14, < 4.0)
    high_voltage (2.1.0)
    hike (1.2.3)
    i18n (0.6.9)
    jasmine (2.0.0)
      jasmine-core (~> 2.0.0)
      phantomjs
      rack (>= 1.2.1)
      rake
    jasmine-core (2.0.0)
    jquery-rails (3.1.0)
      railties (>= 3.0, < 5.0)
      thor (>= 0.14, < 2.0)
    json (1.8.1)
    kgio (2.9.2)
    libv8 (3.16.14.3)
    lisbn (0.2.0)
      nokogiri
      nori (~> 2.0)
    listen (2.5.0)
      celluloid (>= 0.15.2)
      celluloid-io (>= 0.15.0)
      rb-fsevent (>= 0.9.3)
      rb-inotify (>= 0.9)
    lumberjack (1.0.4)
    mail (2.5.4)
      mime-types (~> 1.16)
      treetop (~> 1.4.8)
    method_source (0.8.2)
    mime-types (1.25.1)
    mini_portile (0.5.2)
    minitest (4.7.5)
    multi_json (1.8.4)
    multi_test (0.0.3)
    mysql2 (0.3.15)
    net-scp (1.1.2)
      net-ssh (>= 2.6.5)
    net-ssh (2.8.0)
    nio4r (1.0.0)
    nokogiri (1.6.1)
      mini_portile (~> 0.5.0)
    nori (2.3.0)
    orm_adapter (0.5.0)
    paperclip (4.1.0)
      activemodel (>= 3.0.0)
      activesupport (>= 3.0.0)
      cocaine (~> 0.5.3)
      mime-types
    phantomjs (1.9.2.1)
    polyglot (0.3.4)
    protected_attributes (1.0.5)
      activemodel (>= 4.0.1, < 5.0)
    pry (0.9.12.6)
      coderay (~> 1.0)
      method_source (~> 0.8)
      slop (~> 3.4)
    rack (1.5.2)
    rack-test (0.6.2)
      rack (>= 1.0)
    rails (4.0.3)
      actionmailer (= 4.0.3)
      actionpack (= 4.0.3)
      activerecord (= 4.0.3)
      activesupport (= 4.0.3)
      bundler (>= 1.3.0, < 2.0)
      railties (= 4.0.3)
      sprockets-rails (~> 2.0.0)
    rails-observers (0.1.2)
      activemodel (~> 4.0)
    railties (4.0.3)
      actionpack (= 4.0.3)
      activesupport (= 4.0.3)
      rake (>= 0.8.7)
      thor (>= 0.18.1, < 2.0)
    raindrops (0.12.0)
    rake (10.1.1)
    rb-fsevent (0.9.4)
    rb-inotify (0.9.3)
      ffi (>= 0.5.0)
    ref (1.0.5)
    rest-client (1.6.7)
      mime-types (>= 1.16)
    rspec (2.14.1)
      rspec-core (~> 2.14.0)
      rspec-expectations (~> 2.14.0)
      rspec-mocks (~> 2.14.0)
    rspec-core (2.14.7)
    rspec-expectations (2.14.5)
      diff-lcs (>= 1.1.3, < 2.0)
    rspec-mocks (2.14.5)
    rspec-rails (2.14.1)
      actionpack (>= 3.0)
      activemodel (>= 3.0)
      activesupport (>= 3.0)
      railties (>= 3.0)
      rspec-core (~> 2.14.0)
      rspec-expectations (~> 2.14.0)
      rspec-mocks (~> 2.14.0)
    sass (3.2.14)
    sass-rails (4.0.1)
      railties (>= 4.0.0, < 5.0)
      sass (>= 3.1.10)
      sprockets-rails (~> 2.0.0)
    shoulda-matchers (2.5.0)
      activesupport (>= 3.0.0)
    simplecov (0.8.2)
      docile (~> 1.1.0)
      multi_json
      simplecov-html (~> 0.8.0)
    simplecov-html (0.8.0)
    slop (3.4.7)
    sprockets (2.10.1)
      hike (~> 1.2)
      multi_json (~> 1.0)
      rack (~> 1.0)
      tilt (~> 1.1, != 1.3.0)
    sprockets-rails (2.0.1)
      actionpack (>= 3.0)
      activesupport (>= 3.0)
      sprockets (~> 2.8)
    sshkit (1.3.0)
      net-scp (>= 1.1.2)
      net-ssh
      term-ansicolor
    term-ansicolor (1.3.0)
      tins (~> 1.0)
    therubyracer (0.12.1)
      libv8 (~> 3.16.14.0)
      ref
    thor (0.18.1)
    thread_safe (0.1.3)
      atomic
    tilt (1.4.1)
    timers (1.1.0)
    tins (1.0.0)
    treetop (1.4.15)
      polyglot
      polyglot (>= 0.3.1)
    tzinfo (0.3.38)
    uglifier (2.4.0)
      execjs (>= 0.3.0)
      json (>= 1.8.0)
    unicorn (4.8.2)
      kgio (~> 2.6)
      rack
      raindrops (~> 0.7)
    warden (1.2.3)
      rack (>= 1.0)
    will_paginate (3.0.5)
    xpath (2.0.0)
      nokogiri (~> 1.3)

PLATFORMS
  ruby

DEPENDENCIES
  actionpack-action_caching (>= 1.1.1)
  actionpack-page_caching
  bluecloth
  bootstrap-sass (~> 3.1.1.0)
  capistrano-bundler (~> 1.1.2)
  capistrano-rails (~> 1.1.1)
  capistrano-rvm (~> 0.1.1)
  capybara (= 2.2.1)
  coffee-rails (~> 4.0.1)
  coffee-rails-source-maps
  coveralls!
  cucumber-rails (= 1.4.0)
  database_cleaner (= 1.2.0)
  devise
  execjs
  factory_girl_rails (= 4.4.0)
  font-awesome-sass (~> 4.0.2)
  guard-rspec (= 4.2.6)
  high_voltage (~> 2.1.0)
  jasmine (= 2.0.0)
  jquery-rails (~> 3.1.0)
  lisbn (~> 0.2.0)
  mime-types
  mysql2 (~> 0.3.15)
  paperclip (~> 4.1.0)
  protected_attributes
  rails (>= 4.0.3)
  rails-backbone!
  rails-observers
  rspec-rails (= 2.14.1)
  sass-rails (~> 4.0.1)
  shoulda-matchers (= 2.5.0)
  therubyracer (~> 0.12.1)
  uglifier (~> 2.4.0)
  unicorn (~> 4.8.2)
  will_paginate (~> 3.0)
